FRAMEWORK: NET452
NUGET
  remote: http://api.nuget.org/v3/index.json
    FAKE (4.40.1)
    FsCheck (2.6.1)
      FSharp.Core (>= 3.1.2.5)
    FsCheck.Xunit (2.6.1)
      FsCheck (>= 2.6.1)
      xunit.extensibility.execution (>= 2.1 < 3.0)
    FSharp.Core (3.1.2.5)
    xunit (2.1)
      xunit.assert (2.1)
      xunit.core (2.1)
    xunit.abstractions (2.0)
    xunit.assert (2.1)
    xunit.core (2.1)
      xunit.extensibility.core (2.1)
      xunit.extensibility.execution (2.1)
    xunit.extensibility.core (2.1)
      xunit.abstractions (2.0)
    xunit.extensibility.execution (2.1)
      xunit.extensibility.core (2.1)
    xunit.runner.console (2.1)
    xunit.runner.visualstudio (2.1)
